GEM
  remote: https://rubygems.org/
  specs:
    cairo (1.15.9)
      native-package-installer (>= 1.0.3)
      pkg-config (>= 1.2.2)
    cairo-gobject (3.1.8)
      cairo
      glib2 (= 3.1.8)
    gdk_pixbuf2 (3.1.8)
      gio2 (= 3.1.8)
    gio2 (3.1.8)
      glib2 (= 3.1.8)
      gobject-introspection (= 3.1.8)
    glib2 (3.1.8)
      native-package-installer (>= 1.0.3)
      pkg-config (>= 1.2.2)
    gobject-introspection (3.1.8)
      glib2 (= 3.1.8)
    mercenary (0.3.6)
    mini_portile2 (2.2.0)
    native-package-installer (1.0.4)
    nokogiri (1.8.0)
      mini_portile2 (~> 2.2.0)
    pango (3.1.8)
      cairo (>= 1.14.0)
      cairo-gobject (= 3.1.8)
      gobject-introspection (= 3.1.8)
    pkg-config (1.2.7)
    roo (2.7.1)
      nokogiri (~> 1)
      rubyzip (~> 1.1, < 2.0.0)
    rsvg2 (3.1.8)
      cairo (>= 1.12.8)
      cairo-gobject (= 3.1.8)
      gdk_pixbuf2 (= 3.1.8)
    ruby-progressbar (1.8.1)
    rubyzip (1.2.0)
    squib (0.13.4)
      cairo (= 1.15.9)
      gio2 (= 3.1.8)
      gobject-introspection (= 3.1.8)
      mercenary (= 0.3.6)
      nokogiri (= 1.8.0)
      pango (= 3.1.8)
      roo (= 2.7.1)
      rsvg2 (= 3.1.8)
      ruby-progressbar (= 1.8.1)

PLATFORMS
  ruby

DEPENDENCIES
  squib

BUNDLED WITH
   1.13.6
